GEM
  remote: https://rubygems.org/
  specs:
    bourbon (3.1.8)
      sass (>= 3.2.0)
      thor
    concurrent-ruby (1.1.5)
    execjs (2.0.2)
    i18n (0.7.0)
    json (1.8.2)
    power_assert (0.2.2)
    puma (3.3.0)
    rack (1.6.11)
    rack-protection (1.5.5)
      rack
    rack-test (0.6.3)
      rack (>= 1.0)
    rake (10.4.2)
    sass (4.0.0.alpha.1)
    sinatra (1.4.6)
      rack (~> 1.4)
      rack-protection (~> 1.4)
      tilt (>= 1.3, < 3)
    sprockets (3.7.2)
      concurrent-ruby (~> 1.0)
      rack (> 1, < 3)
    test-unit (3.0.8)
      power_assert
    thor (0.20.0)
    tilt (2.0.9)
    uglifier (2.5.0)
      execjs (>= 0.3.0)
      json (>= 1.8.0)

PLATFORMS
  ruby
  x64-mingw32

DEPENDENCIES
  bourbon
  i18n
  puma (~> 3.1)
  rack
  rack-test
  rake
  sass (~> 4.0.0.alpha.1)
  sinatra
  sprockets
  test-unit
  uglifier

RUBY VERSION
   ruby 2.2.4p230

BUNDLED WITH
   1.16.4
